GEM
  remote: https://rubygems.org/
  specs:
    commander (4.1.5)
      highline (~> 1.6.11)
    highline (1.6.19)

PLATFORMS
  ruby

DEPENDENCIES
  commander (= 4.1.5)
