PATH
  remote: .
  specs:
    alpha (0.0.1)

GEM
  remote: https://rubygems.org/
  specs:
    commander (4.1.5)
      highline (~> 1.6.11)
    highline (1.6.19)
    rake (10.1.0)

PLATFORMS
  ruby

DEPENDENCIES
  alpha!
  bundler (~> 1.3)
  commander (= 4.1.5)
  rake
