PATH
  remote: .
  specs:
    alpha (0.0.1)

GEM
  remote: https://rubygems.org/
  specs:
    commander (4.1.5)
      highline (~> 1.6.11)
    diff-lcs (1.2.4)
    highline (1.6.19)
    rake (10.1.0)
    rspec (2.14.1)
      rspec-core (~> 2.14.0)
      rspec-expectations (~> 2.14.0)
      rspec-mocks (~> 2.14.0)
    rspec-core (2.14.5)
    rspec-expectations (2.14.3)
      diff-lcs (>= 1.1.3, < 2.0)
    rspec-mocks (2.14.3)

PLATFORMS
  ruby

DEPENDENCIES
  alpha!
  bundler (~> 1.3)
  commander (= 4.1.5)
  rake
  rspec (~> 2.14.1)
